GEM
  remote: https://rubygems.org/
  specs:
    hirb (0.7.3)

PLATFORMS
  ruby

DEPENDENCIES
  hirb
